GEM
  remote: https://rubygems.org/
  specs:
    xqsr3 (0.39.3.1)

PLATFORMS
  x86_64-darwin
  x86_64-darwin-24
  x86_64-linux
  x86_64-unknown

DEPENDENCIES
  xqsr3

BUNDLED WITH
   2.3.17
