GEM
  remote: https://rubygems.org/
  specs:
    xqsr3 (0.39.3.1)

DEPENDENCIES
  xqsr3

BUNDLED WITH
   2.3.17
